GEM
  remote: https://rubygems.org/
  specs:
    addressable (2.2.6)
    annoy (0.5.6)
      highline (>= 1.5.0)
    attic (0.5.3)
    bcrypt (3.1.13)
    daemons (1.3.1)
    drydock (0.6.9)
    encryptor (1.1.3)
    eventmachine (1.2.7)
    familia (0.7.1)
      gibbler (>= 0.8.6)
      multi_json (>= 0.0.5)
      redis (>= 2.1.0)
      storable (>= 0.8.6)
      uri-redis (>= 0.4.2)
    gibbler (0.8.9)
      attic (>= 0.4.0)
    highline (2.0.3)
    httparty (0.18.1)
      mime-types (~> 3.0)
      multi_xml (>= 0.5.2)
    mail (2.7.1)
      mini_mime (>= 0.1.1)
    mime-types (3.3.1)
      mime-types-data (~> 3.2015)
    mime-types-data (3.2021.0225)
    mini_mime (1.0.2)
    multi_json (1.15.0)
    multi_xml (0.6.0)
    mustache (1.1.1)
    otto (0.4.1)
      addressable (>= 2.2.6)
      rack (>= 1.2.1)
    rack (2.2.3)
    redis (4.2.5)
    redis-dump (0.3.2)
      drydock (>= 0.6.9)
      redis (>= 2.0)
      uri-redis (>= 0.4.0)
      yajl-ruby (>= 0.1)
    storable (0.8.9)
    sysinfo (0.7.3)
      drydock
      storable
    thin (1.8.0)
      daemons (~> 1.0, >= 1.0.9)
      eventmachine (~> 1.0, >= 1.0.4)
      rack (>= 1, < 3)
    uri-redis (0.4.2)
    yajl-ruby (1.4.1)

PLATFORMS
  ruby

DEPENDENCIES
  addressable (= 2.2.6)
  annoy (= 0.5.6)
  bcrypt (= 3.1.13)
  encryptor (= 1.1.3)
  familia (= 0.7.1)
  gibbler (= 0.8.9)
  httparty
  mail
  mustache
  otto (= 0.4.1)
  rack
  redis
  redis-dump (= 0.3.2)
  storable (= 0.8.9)
  sysinfo (= 0.7.3)
  thin
  yajl-ruby

BUNDLED WITH
   2.1.4
